GEM
  remote: http://rubygems.org/
  specs:
    bson (1.1.5)
    emk-sinatra-url-for (0.2.1)
      sinatra (>= 0.9.1.1)
    haml (3.0.25)
    mongo (1.1.5)
      bson (>= 1.1.5)
    rack (1.2.1)
    sinatra (1.1.2)
      rack (~> 1.1)
      tilt (~> 1.2)
    sinatra-static-assets (0.5.0)
      emk-sinatra-url-for (>= 0.2.1)
      rack (>= 1.0.0)
      sinatra (>= 0.9.1)
    tilt (1.2.1)

PLATFORMS
  ruby

DEPENDENCIES
  haml (= 3.0.25)
  mongo (= 1.1.5)
  sinatra (= 1.1.2)
  sinatra-static-assets (= 0.5.0)
