GEM
  remote: https://rubygems.org/
  specs:
    bson (1.5.2)
    emk-sinatra-url-for (0.2.1)
      sinatra (>= 0.9.1.1)
    haml (3.1.4)
    mongo (1.5.2)
      bson (= 1.5.2)
    rack (1.3.5)
    sinatra (1.1.2)
      rack (~> 1.1)
      tilt (~> 1.2)
    sinatra-static-assets (0.5.0)
      emk-sinatra-url-for (>= 0.2.1)
      rack (>= 1.0.0)
      sinatra (>= 0.9.1)
    tilt (1.3.3)

PLATFORMS
  ruby

DEPENDENCIES
  haml
  mongo
  sinatra (= 1.1.2)
  sinatra-static-assets (= 0.5.0)

BUNDLED WITH
   1.11.2
