GEM
  remote: http://rubygems.org/
  specs:
    bson (1.1.5)
    haml (3.0.25)
    mongo (1.1.5)
      bson (>= 1.1.5)
    pagination (0.3.3)
    rack (1.2.1)
    sinatra (1.1.2)
      rack (~> 1.1)
      tilt (~> 1.2)
    tilt (1.2.1)

PLATFORMS
  ruby

DEPENDENCIES
  haml (= 3.0.25)
  mongo (= 1.1.5)
  pagination (= 0.3.3)
  sinatra (= 1.1.2)
